GEM
  remote: https://rubygems.org/
  specs:
    rack (1.6.4)
    rack-protection (1.5.3)
      rack
    shotgun (0.9.1)
      rack (>= 1.0)
    sinatra (1.4.7)
      rack (~> 1.5)
      rack-protection (~> 1.4)
      tilt (>= 1.3, < 3)
    sinatra-param (1.4.0)
      sinatra (~> 1.3)
    tilt (2.0.2)

PLATFORMS
  ruby

DEPENDENCIES
  shotgun (~> 0.9.1)
  sinatra (~> 1.4.7)
  sinatra-param (~> 1.4.0)

BUNDLED WITH
   1.10.6
