GEM
  remote: https://rubygems.org/
  specs:
    activesupport (4.2.6)
      i18n (~> 0.7)
      json (~> 1.7, >= 1.7.7)
      minitest (~> 5.1)
      thread_safe (~> 0.3, >= 0.3.4)
      tzinfo (~> 1.1)
    diff-lcs (1.2.5)
    dotenv (2.1.0)
    factory_girl (4.7.0)
      activesupport (>= 3.0.0)
    faker (1.6.3)
      i18n (~> 0.5)
    global_phone (1.0.1)
    httparty (0.13.7)
      json (~> 1.8)
      multi_xml (>= 0.5.2)
    i18n (0.7.0)
    json (1.8.3)
    jwt (1.5.4)
    minitest (5.8.4)
    multi_xml (0.5.5)
    rack (1.6.4)
    rack-protection (1.5.3)
      rack
    rake (10.4.2)
    require_all (1.3.3)
    rspec (3.4.0)
      rspec-core (~> 3.4.0)
      rspec-expectations (~> 3.4.0)
      rspec-mocks (~> 3.4.0)
    rspec-collection_matchers (1.1.2)
      rspec-expectations (>= 2.99.0.beta1)
    rspec-core (3.4.4)
      rspec-support (~> 3.4.0)
    rspec-expectations (3.4.0)
      diff-lcs (>= 1.2.0, < 2.0)
      rspec-support (~> 3.4.0)
    rspec-mocks (3.4.1)
      diff-lcs (>= 1.2.0, < 2.0)
      rspec-support (~> 3.4.0)
    rspec-support (3.4.1)
    sequel (4.32.0)
    shotgun (0.9.1)
      rack (>= 1.0)
    sinatra (1.4.7)
      rack (~> 1.5)
      rack-protection (~> 1.4)
      tilt (>= 1.3, < 3)
    sinatra-param (1.4.0)
      sinatra (~> 1.3)
    sqlite3 (1.3.11)
    thread_safe (0.3.5)
    tilt (2.0.2)
    tzinfo (1.2.2)
      thread_safe (~> 0.1)
    will_paginate (3.1.0)

PLATFORMS
  ruby

DEPENDENCIES
  dotenv (~> 2.1.0)
  factory_girl (~> 4.7.0)
  faker (~> 1.6.3)
  global_phone (~> 1.0.1)
  httparty (~> 0.13.7)
  json (~> 1.8.3)
  jwt (~> 1.5.4)
  rake (~> 10.4.2)
  require_all (~> 1.3.3)
  rspec (~> 3.4.0)
  rspec-collection_matchers (~> 1.1.2)
  sequel (~> 4.32.0)
  shotgun (~> 0.9.1)
  sinatra (~> 1.4.7)
  sinatra-param (~> 1.4.0)
  sqlite3 (~> 1.3.11)
  will_paginate (~> 3.1.0)

BUNDLED WITH
   1.10.6
