GEM
  remote: https://rubygems.org/
  specs:
    dotenv (2.1.0)
    global_phone (1.0.1)
    httparty (0.13.7)
      json (~> 1.8)
      multi_xml (>= 0.5.2)
    json (1.8.3)
    jwt (1.5.4)
    multi_xml (0.5.5)
    rack (1.6.4)
    rack-protection (1.5.3)
      rack
    rake (10.4.2)
    require_all (1.3.3)
    sequel (4.32.0)
    shotgun (0.9.1)
      rack (>= 1.0)
    sinatra (1.4.7)
      rack (~> 1.5)
      rack-protection (~> 1.4)
      tilt (>= 1.3, < 3)
    sinatra-param (1.4.0)
      sinatra (~> 1.3)
    sqlite3 (1.3.11)
    tilt (2.0.2)

PLATFORMS
  ruby

DEPENDENCIES
  dotenv (~> 2.1.0)
  global_phone (~> 1.0.1)
  httparty (~> 0.13.7)
  json (~> 1.8.3)
  jwt (~> 1.5.4)
  rake (~> 10.4.2)
  require_all (~> 1.3.3)
  sequel (~> 4.32.0)
  shotgun (~> 0.9.1)
  sinatra (~> 1.4.7)
  sinatra-param (~> 1.4.0)
  sqlite3 (~> 1.3.11)

BUNDLED WITH
   1.10.6
